GEM
  remote: http://rubygems.org/
  specs:
    rack (1.2.4)
    rack-contrib (1.1.0)
      rack (>= 0.9.1)

PLATFORMS
  ruby

DEPENDENCIES
  rack
  rack-contrib
