GIT
  remote: https://github.com/mojombo/jekyll.git
  revision: 4499df80330ac70f9ac09f854941394542019b6a
  specs:
    jekyll (0.11.2)
      albino (~> 1.3)
      classifier (~> 1.3)
      directory_watcher (~> 1.1)
      kramdown (~> 0.13)
      liquid (~> 2.3)
      maruku (~> 0.5)

GEM
  remote: http://rubygems.org/
  specs:
    RedCloth (4.2.9)
    addressable (2.2.7)
    albino (1.3.3)
      posix-spawn (>= 0.3.6)
    classifier (1.3.3)
      fast-stemmer (>= 1.0.0)
    daemons (1.1.8)
    directory_watcher (1.4.1)
    eventmachine (0.12.10)
    fast-stemmer (1.0.1)
    heroku (2.24.0)
      launchy (>= 0.3.2)
      netrc (~> 0.7.1)
      rest-client (~> 1.6.1)
      rubyzip
    kramdown (0.13.5)
    launchy (2.1.0)
      addressable (~> 2.2.6)
    liquid (2.3.0)
    maruku (0.6.0)
      syntax (>= 1.0.0)
    mime-types (1.18)
    netrc (0.7.1)
    posix-spawn (0.3.6)
    pygmentize (0.0.3)
    rack (1.4.1)
    rack-contrib (1.1.0)
      rack (>= 0.9.1)
    redcarpet (1.17.2)
    rest-client (1.6.7)
      mime-types (>= 1.16)
    rubyzip (0.9.6.1)
    sass (3.1.15)
    syntax (1.0.0)
    thin (1.3.1)
      daemons (>= 1.0.9)
      eventmachine (>= 0.12.6)
      rack (>= 1.0.0)

PLATFORMS
  ruby

DEPENDENCIES
  RedCloth
  heroku
  jekyll!
  pygmentize
  rack-contrib
  redcarpet (~> 1.17.2)
  sass
  thin
